GEM
  remote: https://rubygems.org/
  specs:
    asciidoctor (1.5.4)
    ast (2.4.0)
    coderay (1.1.0)
    ffi (1.9.10)
    formatador (0.2.5)
    guard (2.13.0)
      formatador (>= 0.2.4)
      listen (>= 2.7, <= 4.0)
      lumberjack (~> 1.0)
      nenv (~> 0.1)
      notiffany (~> 0.0)
      pry (>= 0.9.12)
      shellany (~> 0.0)
      thor (>= 0.18.1)
    guard-rake (1.0.0)
      guard
      rake
    guard-rubocop (1.2.0)
      guard (~> 2.0)
      rubocop (~> 0.20)
    listen (3.0.5)
      rb-fsevent (>= 0.9.3)
      rb-inotify (>= 0.9)
    lumberjack (1.0.10)
    method_source (0.8.2)
    nenv (0.2.0)
    notiffany (0.0.8)
      nenv (~> 0.1)
      shellany (~> 0.0)
    parser (2.6.5.0)
      ast (~> 2.4.0)
    powerpack (0.1.2)
    pry (0.10.3)
      coderay (~> 1.1.0)
      method_source (~> 0.8.1)
      slop (~> 3.4)
    rainbow (2.2.2)
      rake
    rake (10.5.0)
    rb-fsevent (0.9.7)
    rb-inotify (0.9.5)
      ffi (>= 0.5.0)
    rubocop (0.48.1)
      parser (>= 2.3.3.1, < 3.0)
      powerpack (~> 0.1)
      rainbow (>= 1.99.1, < 3.0)
      ruby-progressbar (~> 1.7)
      unicode-display_width (~> 1.0, >= 1.0.1)
    ruby-progressbar (1.10.1)
    shellany (0.0.1)
    slop (3.6.0)
    thor (0.19.1)
    unicode-display_width (1.6.0)

PLATFORMS
  ruby

DEPENDENCIES
  asciidoctor
  coderay
  guard
  guard-rake
  guard-rubocop
  rake
  rubocop

BUNDLED WITH
   1.11.2
