GIT
  remote: git://github.com/yasuhito/quarto.git
  revision: ef77a89921f14f1fb723831c8fb29dd2a7bc7e7d
  branch: develop
  specs:
    quarto (0.0.1)
      doc_raptor (~> 0.3.2)
      dotenv (~> 0.8.0)
      fattr (~> 2.2)
      mime-types (~> 1.24)
      naught (~> 1.0)
      netrc (~> 0.7.7)
      nokogiri (~> 1.6)
      rake (~> 10.0)
      sass (~> 3.2)
      slim (~> 2.0)
      sprockets (~> 2.12)
      tilt (~> 1.4)

GEM
  remote: https://rubygems.org/
  specs:
    Ascii85 (1.0.2)
    addressable (2.3.8)
    afm (0.2.2)
    asciidoctor (1.5.2)
    asciidoctor-pdf (1.5.0.alpha.9)
      asciidoctor (~> 1.5.0)
      prawn (>= 1.3.0, < 3.0.0)
      prawn-icon (= 0.6.4)
      prawn-svg (= 0.21.0)
      prawn-table (= 0.2.2)
      prawn-templates (= 0.0.3)
      safe_yaml (= 1.0.4)
      thread_safe (= 0.3.5)
      treetop (= 1.5.3)
    asciidoctor-pdf-cjk (0.1.1)
      asciidoctor-pdf (~> 1.5.0.alpha.8)
    ast (2.1.0)
    astrolabe (1.3.1)
      parser (~> 2.2)
    coderay (1.1.0)
    css_parser (1.3.6)
      addressable
    doc_raptor (0.3.4)
      httparty (>= 0.7.0)
    dotenv (0.8.0)
    fattr (2.2.2)
    ffi (1.9.10)
    formatador (0.2.5)
    guard (2.13.0)
      formatador (>= 0.2.4)
      listen (>= 2.7, <= 4.0)
      lumberjack (~> 1.0)
      nenv (~> 0.1)
      notiffany (~> 0.0)
      pry (>= 0.9.12)
      shellany (~> 0.0)
      thor (>= 0.18.1)
    guard-rake (1.0.0)
      guard
      rake
    guard-rubocop (1.2.0)
      guard (~> 2.0)
      rubocop (~> 0.20)
    hashery (2.1.1)
    hike (1.2.3)
    httparty (0.13.5)
      json (~> 1.8)
      multi_xml (>= 0.5.2)
    json (1.8.3)
    listen (3.0.3)
      rb-fsevent (>= 0.9.3)
      rb-inotify (>= 0.9)
    lumberjack (1.0.9)
    method_source (0.8.2)
    mime-types (1.25.1)
    mini_portile (0.6.2)
    multi_json (1.11.2)
    multi_xml (0.5.5)
    naught (1.0.0)
    nenv (0.2.0)
    netrc (0.7.9)
    nokogiri (1.6.6.2)
      mini_portile (~> 0.6.0)
    notiffany (0.0.7)
      nenv (~> 0.1)
      shellany (~> 0.0)
    parser (2.2.2.6)
      ast (>= 1.1, < 3.0)
    pdf-core (0.6.0)
    pdf-reader (1.3.3)
      Ascii85 (~> 1.0.0)
      afm (~> 0.2.0)
      hashery (~> 2.0)
      ruby-rc4
      ttfunk
    polyglot (0.3.5)
    powerpack (0.1.1)
    prawn (2.0.2)
      pdf-core (~> 0.6.0)
      ttfunk (~> 1.4.0)
    prawn-icon (0.6.4)
      prawn (>= 1.1.0, < 3.0.0)
    prawn-svg (0.21.0)
      css_parser (~> 1.3)
      prawn (>= 0.8.4, < 3)
    prawn-table (0.2.2)
      prawn (>= 1.3.0, < 3.0.0)
    prawn-templates (0.0.3)
      pdf-reader (~> 1.3)
      prawn (>= 0.15.0)
    pry (0.10.1)
      coderay (~> 1.1.0)
      method_source (~> 0.8.1)
      slop (~> 3.4)
    rack (1.6.4)
    rainbow (2.0.0)
    rake (10.4.2)
    rb-fsevent (0.9.5)
    rb-inotify (0.9.5)
      ffi (>= 0.5.0)
    rubocop (0.33.0)
      astrolabe (~> 1.3)
      parser (>= 2.2.2.5, < 3.0)
      powerpack (~> 0.1)
      rainbow (>= 1.99.1, < 3.0)
      ruby-progressbar (~> 1.4)
    ruby-progressbar (1.7.5)
    ruby-rc4 (0.1.5)
    safe_yaml (1.0.4)
    sass (3.4.18)
    shellany (0.0.1)
    slim (2.1.0)
      temple (~> 0.6.9)
      tilt (>= 1.3.3, < 2.1)
    slop (3.6.0)
    sprockets (2.12.4)
      hike (~> 1.2)
      multi_json (~> 1.0)
      rack (~> 1.0)
      tilt (~> 1.1, != 1.3.0)
    temple (0.6.10)
    thor (0.19.1)
    thread_safe (0.3.5)
    tilt (1.4.1)
    treetop (1.5.3)
      polyglot (~> 0.3)
    ttfunk (1.4.0)

PLATFORMS
  ruby

DEPENDENCIES
  asciidoctor
  asciidoctor-pdf-cjk
  guard
  guard-rake
  guard-rubocop
  quarto!
  rake
  rubocop

BUNDLED WITH
   1.10.6
